GEM
  remote: http://rubygems.org/
  specs:
    aaronh-chronic (0.3.9)
    actionmailer (2.3.5)
      actionpack (= 2.3.5)
    actionpack (2.3.5)
      activesupport (= 2.3.5)
      rack (~> 1.0.0)
    activerecord (2.3.5)
      activesupport (= 2.3.5)
    activeresource (2.3.5)
      activesupport (= 2.3.5)
    activesupport (2.3.5)
    builder (3.0.0)
    calendar_date_select (1.16.2)
    capistrano (2.5.19)
      highline
      net-scp (>= 1.0.0)
      net-sftp (>= 2.0.0)
      net-ssh (>= 2.0.14)
      net-ssh-gateway (>= 1.0.0)
    capybara (0.3.0)
      culerity (>= 0.2.4)
      mime-types (>= 1.16)
      nokogiri (>= 1.3.3)
      rack (>= 1.0.0)
      rack-test (>= 0.5.2)
      selenium-webdriver (>= 0.0.3)
    cgi_multipart_eof_fix (2.5.0)
    childprocess (0.1.7)
      ffi (~> 0.6.3)
    chronic (0.3.0)
    cucumber (0.10.0)
      builder (>= 2.1.2)
      diff-lcs (~> 1.1.2)
      gherkin (~> 2.3.2)
      json (~> 1.4.6)
      term-ansicolor (~> 1.0.5)
    cucumber-rails (0.3.0)
      cucumber (>= 0.6.2)
    culerity (0.2.15)
    daemons (1.1.0)
    database_cleaner (0.5.0)
    dbi (0.4.5)
      deprecated (= 2.0.1)
    delorean (0.1.1)
      chronic
    deprecated (2.0.1)
    diff-lcs (1.1.2)
    factory_girl (1.2.3)
    fastercsv (1.5.4)
    fastthread (1.0.7)
    ffi (0.6.3)
      rake (>= 0.8.7)
    gem_plugin (0.2.3)
    gherkin (2.3.3)
      json (~> 1.4.6)
    haml (3.0.25)
    highline (1.6.1)
    json (1.4.6)
    json_pure (1.5.1)
    mime-types (1.16)
    mini_portile2 (2.4.0)
    mongrel (1.1.5)
      cgi_multipart_eof_fix (>= 2.4)
      daemons (>= 1.0.3)
      fastthread (>= 1.0.1)
      gem_plugin (>= 0.2.3)
    net-scp (1.0.4)
      net-ssh (>= 1.99.1)
    net-sftp (2.0.5)
      net-ssh (>= 2.0.9)
    net-ssh (2.1.0)
    net-ssh-gateway (1.0.1)
      net-ssh (>= 1.99.1)
    nokogiri (1.10.4)
      mini_portile2 (~> 2.4.0)
    pickle (0.2.5)
    postgres-pr (0.6.3)
    rack (1.0.1)
    rack-bug (0.2.1)
    rack-test (0.5.7)
      rack (>= 1.0)
    rails (2.3.5)
      actionmailer (= 2.3.5)
      actionpack (= 2.3.5)
      activerecord (= 2.3.5)
      activeresource (= 2.3.5)
      activesupport (= 2.3.5)
      rake (>= 0.8.3)
    rake (0.8.7)
    remarkable (3.1.13)
      rspec (>= 1.2.0)
    remarkable_activerecord (3.1.13)
      remarkable (~> 3.1.13)
      rspec (>= 1.2.0)
    remarkable_rails (3.1.12)
      remarkable (~> 3.1.12)
      remarkable_activerecord (~> 3.1.12)
      rspec (>= 1.2.0)
      rspec-rails (>= 1.2.0)
    rspec (1.3.0)
    rspec-rails (1.3.2)
      rack (>= 1.0.0)
      rspec (>= 1.3.0)
    rubyzip (0.9.4)
    selenium-webdriver (0.1.3)
      childprocess (~> 0.1.5)
      ffi (~> 0.6.3)
      json_pure
      rubyzip
    term-ansicolor (1.0.5)
    to-csv (1.0.3)
      activesupport (>= 2.3.5)
    whenever (0.5.3)
      aaronh-chronic (>= 0.3.9)
      activesupport (>= 2.3.4)
    wirble (0.1.3)

PLATFORMS
  ruby

DEPENDENCIES
  calendar_date_select
  capistrano
  capybara (= 0.3.0)
  cucumber-rails (= 0.3.0)
  database_cleaner (= 0.5.0)
  dbi (= 0.4.5)
  delorean (= 0.1.1)
  factory_girl (= 1.2.3)
  fastercsv
  haml
  mongrel
  pickle (= 0.2.5)
  postgres-pr
  rack-bug (~> 0.2.1)
  rails (= 2.3.5)
  remarkable_rails (= 3.1.12)
  rspec (= 1.3.0)
  rspec-rails (= 1.3.2)
  to-csv
  whenever (= 0.5.3)
  wirble
